GEM
  remote: https://rubygems.org/
  specs:
    asciiart (0.0.10)
      rainbow (= 2.0.0)
      rmagick (= 2.13.4)
    coderay (1.1.3)
    colorize (0.8.1)
    diff-lcs (1.4.4)
    json (2.5.1)
    lolize (0.0.3)
      paint (~> 0.8.3)
    method_source (1.0.0)
    paint (0.8.7)
    pastel (0.8.0)
      tty-color (~> 0.5)
    pry (0.14.1)
      coderay (~> 1.1)
      method_source (~> 1.0)
    rainbow (2.0.0)
    rdoc (6.3.1)
    rmagick (2.13.4)
    rspec (3.10.0)
      rspec-core (~> 3.10.0)
      rspec-expectations (~> 3.10.0)
      rspec-mocks (~> 3.10.0)
    rspec-core (3.10.1)
      rspec-support (~> 3.10.0)
    rspec-expectations (3.10.1)
      diff-lcs (>= 1.2.0, < 2.0)
      rspec-support (~> 3.10.0)
    rspec-mocks (3.10.2)
      diff-lcs (>= 1.2.0, < 2.0)
      rspec-support (~> 3.10.0)
    rspec-support (3.10.2)
    strings (0.2.1)
      strings-ansi (~> 0.2)
      unicode-display_width (>= 1.5, < 3.0)
      unicode_utils (~> 1.4)
    strings-ansi (0.2.0)
    tco (0.1.8)
    tty-box (0.7.0)
      pastel (~> 0.8)
      strings (~> 0.2.0)
      tty-cursor (~> 0.7)
    tty-color (0.6.0)
    tty-cursor (0.7.1)
    tty-font (0.5.0)
    tty-prompt (0.23.1)
      pastel (~> 0.8)
      tty-reader (~> 0.8)
    tty-reader (0.9.0)
      tty-cursor (~> 0.7)
      tty-screen (~> 0.8)
      wisper (~> 2.0)
    tty-screen (0.8.1)
    unicode-display_width (2.0.0)
    unicode_utils (1.4.0)
    wisper (2.0.1)

PLATFORMS
  x86_64-darwin-18

DEPENDENCIES
  asciiart (~> 0.0.10)
  colorize (~> 0.8.1)
  json (~> 2.5, >= 2.5.1)
  lolize (~> 0.0.3)
  paint
  pry (~> 0.14.1)
  rainbow (~> 2.0.0)
  rdoc (~> 6.3, >= 6.3.1)
  rspec (~> 3.10)
  tco (~> 0.1.8)
  tty-box (~> 0.7.0)
  tty-font (~> 0.5.0)
  tty-prompt (~> 0.23.1)
  tty-screen (~> 0.8.1)

BUNDLED WITH
   2.2.17
